GEM
  remote: http://rubygems.org/
  specs:
    json (1.8.0)
    mysql (2.9.1)
    rake (10.1.0)
    rdoc (4.0.1)
      json (~> 1.4)
    yard (0.8.6.2)

PLATFORMS
  ruby

DEPENDENCIES
  mysql
  rake
  rdoc
  yard
