GEM
  remote: http://rubygems.org/
  specs:
    json (1.6.1)
    mysql (2.8.1)
    rake (0.9.2.2)
    rdoc (3.11)
      json (~> 1.4)
    yard (0.7.3)

PLATFORMS
  ruby

DEPENDENCIES
  mysql
  rake
  rdoc
  yard
