GEM
  remote: http://rubygems.org/
  specs:
    columnize (0.3.6)
    debugger (1.1.3)
      columnize (>= 0.3.1)
      debugger-linecache (~> 1.1.1)
      debugger-ruby_core_source (~> 1.1.2)
    debugger-linecache (1.1.1)
      debugger-ruby_core_source (>= 1.1.1)
    debugger-ruby_core_source (1.1.3)
    json (1.6.1)
    mysql (2.8.1)
    rake (0.9.2.2)
    rdoc (3.11)
      json (~> 1.4)
    yard (0.7.3)

PLATFORMS
  ruby

DEPENDENCIES
  debugger
  mysql
  rake
  rdoc
  yard
